GEM
  remote: https://rubygems.org/
  specs:
    builder (3.2.2)
    haml (4.0.7)
      tilt
    jwt (1.5.4)
    multi_json (1.12.1)
    rack (1.6.4)
    rack-protection (1.5.3)
      rack
    sinatra (1.4.7)
      rack (~> 1.5)
      rack-protection (~> 1.4)
      tilt (>= 1.3, < 3)
    tilt (2.0.5)
    twilio-ruby (4.11.1)
      builder (>= 2.1.2)
      jwt (~> 1.0)
      multi_json (>= 1.3.0)

PLATFORMS
  ruby

DEPENDENCIES
  haml
  sinatra
  twilio-ruby

RUBY VERSION
   ruby 2.3.0p0

BUNDLED WITH
   1.12.5
